GEM
  remote: https://rubygems.org/
  specs:
    backticks (1.0.0)
    docker (0.4.0)
      backticks (~> 1.0.0)
    mustermann (1.0.0)
    rack (2.0.3)
    rack-protection (2.0.0)
      rack
    sinatra (2.0.0)
      mustermann (~> 1.0)
      rack (~> 2.0)
      rack-protection (= 2.0.0)
      tilt (~> 2.0)
    tilt (2.0.7)

PLATFORMS
  ruby

DEPENDENCIES
  docker (= 0.4.0)
  sinatra (= 2.0.0)

RUBY VERSION
   ruby 2.4.1p111

BUNDLED WITH
   1.15.2
