GEM
  remote: https://rubygems.org/
  specs:
    backports (3.8.0)
    docker-api (1.33.6)
      excon (>= 0.38.0)
      json
    excon (0.57.1)
    json (2.1.0)
    multi_json (1.12.1)
    mustermann (1.0.0)
    rack (2.0.3)
    rack-protection (2.0.0)
      rack
    sinatra (2.0.0)
      mustermann (~> 1.0)
      rack (~> 2.0)
      rack-protection (= 2.0.0)
      tilt (~> 2.0)
    sinatra-contrib (2.0.0)
      backports (>= 2.0)
      multi_json
      mustermann (~> 1.0)
      rack-protection (= 2.0.0)
      sinatra (= 2.0.0)
      tilt (>= 1.3, < 3)
    tilt (2.0.7)

PLATFORMS
  ruby

DEPENDENCIES
  docker-api (= 1.33.6)
  sinatra (= 2.0.0)
  sinatra-contrib (= 2.0.0)

RUBY VERSION
   ruby 2.4.1p111

BUNDLED WITH
   1.15.2
